GEM
  remote: https://rubygems.org/
  specs:
    json_schema (0.21.0)
    mustache (1.1.1)

PLATFORMS
  ruby

DEPENDENCIES
  json_schema (~> 0.21.0)
  mustache (~> 1.1)

BUNDLED WITH
   1.17.2
